PATH
  remote: .
  specs:
    wrapture (0.3.0)

GEM
  remote: https://rubygems.org/
  specs:
    ast (2.4.0)
    codecov (0.1.16)
      json
      simplecov
      url
    docile (1.3.2)
    jaro_winkler (1.5.4)
    jaro_winkler (1.5.4-java)
    json (2.2.0)
    json (2.2.0-java)
    minitest (5.11.3)
    parallel (1.19.1)
    parser (2.7.0.1)
      ast (~> 2.4.0)
    rainbow (3.0.0)
    rake (13.0.1)
    rdoc (6.1.2)
    rubocop (0.78.0)
      jaro_winkler (~> 1.5.1)
      parallel (~> 1.10)
      parser (>= 2.6)
      rainbow (>= 2.2.2, < 4.0)
      ruby-progressbar (~> 1.7)
      unicode-display_width (>= 1.4.0, < 1.7)
    ruby-progressbar (1.10.1)
    simplecov (0.17.1)
      docile (~> 1.1)
      json (>= 1.8, < 3)
      simplecov-html (~> 0.10.0)
    simplecov-html (0.10.2)
    unicode-display_width (1.6.0)
    url (0.3.2)

PLATFORMS
  java
  ruby

DEPENDENCIES
  bundler (>= 1.6.4, < 2.2)
  codecov (>= 0.1.14)
  json (>= 1.8, <= 2.2)
  minitest (>= 5.9, < 5.12)
  rake (>= 0.9.2)
  rdoc (>= 6.0, < 6.2)
  rubocop (>= 0.69)
  simplecov (>= 0.16.1)
  wrapture!

BUNDLED WITH
   2.1.2
