PATH
  remote: .
  specs:
    wrapture (0.5.0)

GEM
  remote: https://rubygems.org/
  specs:
    ast (2.4.1)
    codecov (0.2.13)
      simplecov (~> 0.18.0)
    docile (1.3.2)
    json (2.3.1)
    json (2.3.1-java)
    minitest (5.11.3)
    parallel (1.20.1)
    parser (2.7.2.0)
      ast (~> 2.4.1)
    rainbow (3.0.0)
    rake (13.0.1)
    rdoc (6.2.1)
    regexp_parser (2.0.0)
    rexml (3.2.4)
    rubocop (1.6.1)
      parallel (~> 1.10)
      parser (>= 2.7.1.5)
      rainbow (>= 2.2.2, < 4.0)
      regexp_parser (>= 1.8, < 3.0)
      rexml
      rubocop-ast (>= 1.2.0, < 2.0)
      ruby-progressbar (~> 1.7)
      unicode-display_width (>= 1.4.0, < 2.0)
    rubocop-ast (1.3.0)
      parser (>= 2.7.1.5)
    ruby-progressbar (1.10.1)
    simplecov (0.18.5)
      docile (~> 1.1)
      simplecov-html (~> 0.11)
    simplecov-html (0.12.3)
    unicode-display_width (1.7.0)

PLATFORMS
  java
  ruby
  x86_64-linux

DEPENDENCIES
  bundler (>= 1.6.4, < 2.3)
  codecov (>= 0.1.14)
  json (~> 2.3)
  minitest (>= 5.9, < 5.12)
  rake (>= 0.9.2)
  rdoc (>= 6.0)
  rubocop (>= 0.69)
  simplecov (>= 0.16.1, < 0.19)
  wrapture!

BUNDLED WITH
   2.2.0
