PATH
  remote: .
  specs:
    wrapture (0.2.0)

GEM
  remote: http://rubygems.org/
  specs:
    minitest (5.11.3)
    rake (12.3.2)

PLATFORMS
  ruby

DEPENDENCIES
  bundler (>= 1.0.0)
  minitest (>= 5.9)
  rake (>= 0.9.2)
  wrapture!

BUNDLED WITH
   1.17.3
