PATH
  remote: .
  specs:
    wrapture (0.6.0)
      json (~> 2.3)

GEM
  remote: https://rubygems.org/
  specs:
    ast (2.4.2)
    codecov (0.2.12)
      json
      simplecov
    docile (1.4.0)
    jar-dependencies (0.4.1)
    json (2.6.3)
    json (2.6.3-java)
    minitest (5.11.3)
    parallel (1.23.0)
    parser (3.2.2.1)
      ast (~> 2.4.1)
    psych (5.1.0)
      stringio
    psych (5.1.0-java)
      jar-dependencies (>= 0.1.7)
    rainbow (3.1.1)
    rake (13.0.6)
    rdoc (6.5.0)
      psych (>= 4.0.0)
    regexp_parser (2.8.0)
    rexml (3.2.5)
    rubocop (1.50.2)
      json (~> 2.3)
      parallel (~> 1.10)
      parser (>= 3.2.0.0)
      rainbow (>= 2.2.2, < 4.0)
      regexp_parser (>= 1.8, < 3.0)
      rexml (>= 3.2.5, < 4.0)
      rubocop-ast (>= 1.28.0, < 2.0)
      ruby-progressbar (~> 1.7)
      unicode-display_width (>= 2.4.0, < 3.0)
    rubocop-ast (1.28.1)
      parser (>= 3.2.1.0)
    rubocop-minitest (0.30.0)
      rubocop (>= 1.39, < 2.0)
    rubocop-rake (0.6.0)
      rubocop (~> 1.0)
    ruby-progressbar (1.13.0)
    simplecov (0.22.0)
      docile (~> 1.1)
      simplecov-html (~> 0.11)
      simplecov_json_formatter (~> 0.1)
    simplecov-html (0.12.3)
    simplecov_json_formatter (0.1.4)
    stringio (3.0.6)
    unicode-display_width (2.4.2)

PLATFORMS
  java
  ruby
  x86_64-linux

DEPENDENCIES
  bundler (>= 1.6.4, < 2.5)
  codecov (>= 0.1.14)
  minitest (>= 5.9, < 5.12)
  rake (>= 0.9.2)
  rdoc (>= 6.0)
  rubocop (>= 0.69)
  rubocop-minitest
  rubocop-rake
  simplecov (>= 0.16.1)
  wrapture!

BUNDLED WITH
   2.4.12
