PATH
  remote: .
  specs:
    wrapture (0.2.0)

GEM
  remote: http://rubygems.org/
  specs:
    minitest (5.11.3)

PLATFORMS
  ruby

DEPENDENCIES
  bundler (>= 1.0.0)
  minitest (>= 5.9)
  wrapture!

BUNDLED WITH
   2.0.1
