PATH
  remote: .
  specs:
    wrapture (0.6.0)
      json (~> 2.3)

GEM
  remote: https://rubygems.org/
  specs:
    ast (2.4.2)
    codecov (0.4.3)
      simplecov (>= 0.15, < 0.22)
    docile (1.3.5)
    json (2.5.1)
    json (2.5.1-java)
    minitest (5.11.3)
    parallel (1.20.1)
    parser (3.0.0.0)
      ast (~> 2.4.1)
    rainbow (3.0.0)
    rake (13.0.3)
    rdoc (6.3.0)
    regexp_parser (2.0.3)
    rexml (3.2.4)
    rubocop (1.9.1)
      parallel (~> 1.10)
      parser (>= 3.0.0.0)
      rainbow (>= 2.2.2, < 4.0)
      regexp_parser (>= 1.8, < 3.0)
      rexml
      rubocop-ast (>= 1.2.0, < 2.0)
      ruby-progressbar (~> 1.7)
      unicode-display_width (>= 1.4.0, < 3.0)
    rubocop-ast (1.4.1)
      parser (>= 2.7.1.5)
    rubocop-rake (0.5.1)
      rubocop
    ruby-progressbar (1.11.0)
    simplecov (0.18.5)
      docile (~> 1.1)
      simplecov-html (~> 0.11)
    simplecov-html (0.12.3)
    unicode-display_width (2.0.0)

PLATFORMS
  java
  ruby
  x86_64-linux

DEPENDENCIES
  bundler (>= 1.6.4, < 2.3)
  codecov (>= 0.1.14)
  minitest (>= 5.9, < 5.12)
  rake (>= 0.9.2)
  rdoc (>= 6.0)
  rubocop (>= 0.69)
  rubocop-rake
  simplecov (>= 0.16.1, < 0.19)
  wrapture!

BUNDLED WITH
   2.2.9
