GEM
  remote: https://rubygems.org/
  specs:
    minitest (5.11.3)
    rake (12.3.2)

PLATFORMS
  ruby

DEPENDENCIES
  minitest (>= 5.9)
  rake (>= 0.9.2)

RUBY VERSION
   ruby 2.6.0p0

BUNDLED WITH
   2.0.1
