PATH
  remote: .
  specs:
    wrapture (0.5.0)

GEM
  remote: https://rubygems.org/
  specs:
    ast (2.4.1)
    codecov (0.2.5)
      colorize
      json
      simplecov
    colorize (0.8.1)
    docile (1.3.2)
    json (2.3.1)
    json (2.3.1-java)
    minitest (5.11.3)
    parallel (1.19.2)
    parser (2.7.1.4)
      ast (~> 2.4.1)
    rainbow (3.0.0)
    rake (13.0.1)
    rdoc (6.2.1)
    regexp_parser (1.7.1)
    rexml (3.2.4)
    rubocop (0.89.0)
      parallel (~> 1.10)
      parser (>= 2.7.1.1)
      rainbow (>= 2.2.2, < 4.0)
      regexp_parser (>= 1.7)
      rexml
      rubocop-ast (>= 0.1.0, < 1.0)
      ruby-progressbar (~> 1.7)
      unicode-display_width (>= 1.4.0, < 2.0)
    rubocop-ast (0.3.0)
      parser (>= 2.7.1.4)
    ruby-progressbar (1.10.1)
    simplecov (0.17.1)
      docile (~> 1.1)
      json (>= 1.8, < 3)
      simplecov-html (~> 0.10.0)
    simplecov-html (0.10.2)
    unicode-display_width (1.7.0)

PLATFORMS
  java
  ruby

DEPENDENCIES
  bundler (>= 1.6.4, < 2.2)
  codecov (>= 0.1.14)
  json (~> 2.3)
  minitest (>= 5.9, < 5.12)
  rake (>= 0.9.2)
  rdoc (>= 6.0)
  rubocop (>= 0.69)
  simplecov (>= 0.16.1, < 0.18)
  wrapture!

BUNDLED WITH
   2.1.4
