PATH
  remote: .
  specs:
    wrapture (0.2.0)
      bundler (>= 1.6.4)

GEM
  remote: http://rubygems.org/
  specs:
    minitest (5.11.3)

PLATFORMS
  ruby

DEPENDENCIES
  minitest (>= 5.9)
  wrapture!

BUNDLED WITH
   1.17.3
