PATH
  remote: .
  specs:
    wrapture (0.6.0)
      json (~> 2.3)

GEM
  remote: https://rubygems.org/
  specs:
    ast (2.4.2)
    codecov (0.5.2)
      simplecov (>= 0.15, < 0.22)
    docile (1.4.0)
    json (2.5.1)
    json (2.5.1-java)
    minitest (5.11.3)
    parallel (1.20.1)
    parser (3.0.2.0)
      ast (~> 2.4.1)
    rainbow (3.0.0)
    rake (13.0.6)
    rdoc (6.3.2)
    regexp_parser (2.1.1)
    rexml (3.2.5)
    rubocop (1.19.0)
      parallel (~> 1.10)
      parser (>= 3.0.0.0)
      rainbow (>= 2.2.2, < 4.0)
      regexp_parser (>= 1.8, < 3.0)
      rexml
      rubocop-ast (>= 1.9.1, < 2.0)
      ruby-progressbar (~> 1.7)
      unicode-display_width (>= 1.4.0, < 3.0)
    rubocop-ast (1.10.0)
      parser (>= 3.0.1.1)
    rubocop-minitest (0.15.0)
      rubocop (>= 0.90, < 2.0)
    rubocop-rake (0.6.0)
      rubocop (~> 1.0)
    ruby-progressbar (1.11.0)
    simplecov (0.21.2)
      docile (~> 1.1)
      simplecov-html (~> 0.11)
      simplecov_json_formatter (~> 0.1)
    simplecov-html (0.12.3)
    simplecov_json_formatter (0.1.3)
    unicode-display_width (2.0.0)

PLATFORMS
  java
  ruby
  x86_64-linux

DEPENDENCIES
  bundler (>= 1.6.4, < 2.3)
  codecov (>= 0.1.14)
  minitest (>= 5.9, < 5.12)
  rake (>= 0.9.2)
  rdoc (>= 6.0)
  rubocop (>= 0.69)
  rubocop-minitest
  rubocop-rake
  simplecov (>= 0.16.1)
  wrapture!

BUNDLED WITH
   2.2.25
